GEM
  remote: https://rubygems.org/
  specs:
    rack (2.0.1)
    seg (1.2.0)
    syro (2.2.0)
      rack (>= 1.6.0)
      seg

PLATFORMS
  ruby

DEPENDENCIES
  syro

BUNDLED WITH
   1.13.2
